GEM
  remote: https://rubygems.org/
  specs:
    activesupport (5.2.4.3)
      concurrent-ruby (~> 1.0, >= 1.0.2)
      i18n (>= 0.7, < 2)
      minitest (~> 5.1)
      tzinfo (~> 1.1)
    ast (2.4.0)
    beeminder (0.2.12)
      activesupport (>= 3.2, < 6)
      chronic (~> 0.7)
      highline (~> 1.6)
      json (~> 1)
      optimist (~> 3)
      tzinfo (~> 1.2)
    chronic (0.10.2)
    concurrent-ruby (1.1.6)
    gruff (0.23.0)
      histogram
      rmagick (>= 5.3)
    highline (1.7.10)
    histogram (0.2.4.1)
    i18n (1.6.0)
      concurrent-ruby (~> 1.0)
    jaro_winkler (1.5.3)
    json (1.8.6)
    logger (1.3.0)
    matkoniecz-ruby-style (0.1.1)
      rubocop (~> 0.58.2)
      rubocop-rspec (~> 1.29.1)
    minitest (5.14.1)
    optimist (3.0.0)
    parallel (1.17.0)
    parser (2.6.3.0)
      ast (~> 2.4.0)
    pkg-config (1.5.6)
    powerpack (0.1.2)
    rainbow (3.0.0)
    rmagick (5.3.0)
      pkg-config (~> 1.4)
    rubocop (0.58.2)
      jaro_winkler (~> 1.5.1)
      parallel (~> 1.10)
      parser (>= 2.5, != 2.5.1.1)
      powerpack (~> 0.1)
      rainbow (>= 2.2.2, < 4.0)
      ruby-progressbar (~> 1.7)
      unicode-display_width (~> 1.0, >= 1.0.1)
    rubocop-rspec (1.29.1)
      rubocop (>= 0.58.0)
    ruby-progressbar (1.10.1)
    thread_safe (0.3.6)
    tzinfo (1.2.7)
      thread_safe (~> 0.1)
    unicode-display_width (1.6.0)

PLATFORMS
  ruby

DEPENDENCIES
  activesupport (~> 5.2.3)
  beeminder (~> 0.2.12)
  gruff (~> 0.23.0)
  logger (~> 1.3.0)
  matkoniecz-ruby-style

BUNDLED WITH
   2.2.7
